GEM
  remote: https://rubygems.org/
  specs:
    chronic_duration (0.10.6)
      numerizer (~> 0.1.1)
    numerizer (0.1.1)
    spec (5.3.4)
      chronic_duration (~> 0.10.2)

PLATFORMS
  arm64-darwin-21

DEPENDENCIES
  spec (~> 5.3)

BUNDLED WITH
   2.3.25
